PATH
  remote: .
  specs:
    process_observer (0.1.0)

GEM
  remote: https://rubygems.org/
  specs:
    minitest (5.11.3)
    rake (12.3.3)

PLATFORMS
  x64-mingw32

DEPENDENCIES
  bundler (~> 2.0)
  minitest (~> 5.0)
  process_observer!
  rake (~> 12.0)

BUNDLED WITH
   2.0.2
